PATH
  remote: .
  specs:
    checkout (0.0.1)

GEM
  remote: https://rubygems.org/
  specs:
    colorize (0.8.1)

PLATFORMS
  ruby

DEPENDENCIES
  checkout!
  colorize

BUNDLED WITH
   1.16.1
